GEM
  remote: https://rubygems.org/
  specs:
    backports (3.6.7)
    childprocess (0.5.7)
      ffi (~> 1.0, >= 1.0.11)
    daemons (1.2.3)
    eventmachine (1.0.8)
    ffi (1.9.10)
    haml (4.0.7)
      tilt
    multi_json (1.11.2)
    rack (1.6.4)
    rack-protection (1.5.3)
      rack
    rack-test (0.6.3)
      rack (>= 1.0)
    rubyzip (1.1.7)
    selenium-webdriver (2.48.1)
      childprocess (~> 0.5)
      multi_json (~> 1.0)
      rubyzip (~> 1.0)
      websocket (~> 1.0)
    sinatra (1.4.6)
      rack (~> 1.4)
      rack-protection (~> 1.4)
      tilt (>= 1.3, < 3)
    sinatra-contrib (1.4.6)
      backports (>= 2.0)
      multi_json
      rack-protection
      rack-test
      sinatra (~> 1.4.0)
      tilt (>= 1.3, < 3)
    thin (1.6.4)
      daemons (~> 1.0, >= 1.0.9)
      eventmachine (~> 1.0, >= 1.0.4)
      rack (~> 1.0)
    tilt (2.0.2)
    websocket (1.2.2)

PLATFORMS
  ruby

DEPENDENCIES
  haml
  selenium-webdriver
  sinatra
  sinatra-contrib
  thin
